GEM
  remote: https://rubygems.org/
  specs:
    haml (5.0.4)
      temple (>= 0.8.0)
      tilt
    mini_portile2 (2.3.0)
    mustermann (1.0.2)
    nokogiri (1.8.2)
      mini_portile2 (~> 2.3.0)
    rack (2.0.5)
    rack-protection (2.0.1)
      rack
    shotgun (0.9.2)
      rack (>= 1.0)
    sinatra (2.0.1)
      mustermann (~> 1.0)
      rack (~> 2.0)
      rack-protection (= 2.0.1)
      tilt (~> 2.0)
    temple (0.8.0)
    thor (0.20.0)
    tilt (2.0.8)

PLATFORMS
  ruby

DEPENDENCIES
  haml
  nokogiri
  rack
  shotgun
  sinatra
  thor

BUNDLED WITH
   1.14.3
